PATH
  remote: .
  specs:
    omniauth-saml (0.9.1)
      omniauth (~> 1.0)
      uuid (~> 2.3)
      xmlcanonicalizer (= 0.1.1)

GEM
  remote: http://rubygems.org/
  specs:
    coderay (1.0.5)
    diff-lcs (1.1.3)
    ffi (1.0.11)
    guard (1.0.1)
      ffi (>= 0.5.0)
      thor (~> 0.14.6)
    guard-rspec (0.6.0)
      guard (>= 0.10.0)
    hashie (1.2.0)
    macaddr (1.5.0)
      systemu (>= 2.4.0)
    method_source (0.7.1)
    multi_json (1.1.0)
    omniauth (1.0.3)
      hashie (~> 1.2)
      rack
    pry (0.9.8.4)
      coderay (~> 1.0.5)
      method_source (~> 0.7.1)
      slop (>= 2.4.4, < 3)
    rack (1.4.1)
    rack-test (0.6.1)
      rack (>= 1.0)
    rspec (2.8.0)
      rspec-core (~> 2.8.0)
      rspec-expectations (~> 2.8.0)
      rspec-mocks (~> 2.8.0)
    rspec-core (2.8.0)
    rspec-expectations (2.8.0)
      diff-lcs (~> 1.1.2)
    rspec-mocks (2.8.0)
    simplecov (0.6.1)
      multi_json (~> 1.0)
      simplecov-html (~> 0.5.3)
    simplecov-html (0.5.3)
    slop (2.4.4)
    systemu (2.4.2)
    thor (0.14.6)
    uuid (2.3.5)
      macaddr (~> 1.0)
    xmlcanonicalizer (0.1.1)

PLATFORMS
  ruby

DEPENDENCIES
  guard (= 1.0.1)
  guard-rspec (= 0.6.0)
  omniauth-saml!
  pry
  rack-test (= 0.6.1)
  rspec (= 2.8)
  simplecov (= 0.6.1)
